Brain Vision Data Exchange Header File Version 1.0
; Data created by the actiCHamp PyCorder

[Common Infos]
Codepage=UTF-8
DataFile=S129_part2.eeg
MarkerFile=S129_part2.vmrk
DataFormat=BINARY
; Data orientation: MULTIPLEXED=ch1,pt1, ch2,pt1 ...
DataOrientation=MULTIPLEXED
NumberOfChannels=32
; Sampling interval in microseconds
SamplingInterval=2000

[Binary Infos]
BinaryFormat=IEEE_FLOAT_32

[Channel Infos]
; Each entry: Ch<Channel number>=<Name>,<Reference channel name>,
; <Scaling factor in "Unit">,<Unit>, Future extensions..
; Fields are delimited by commas, some fields might be omitted (empty).
; Commas in channel names are coded as "\1".
Ch1=FP1,,1.0,µV
Ch2=Fz,,1.0,µV
Ch3=F3,,1.0,µV
Ch4=F7,,1.0,µV
Ch5=FC5,,1.0,µV
Ch6=FC1,,1.0,µV
Ch7=C3,,1.0,µV
Ch8=T7,,1.0,µV
Ch9=CP5,,1.0,µV
Ch10=CP1,,1.0,µV
Ch11=PZ,,1.0,µV
Ch12=P3,,1.0,µV
Ch13=P7,,1.0,µV
Ch14=O1,,1.0,µV
Ch15=O2,,1.0,µV
Ch16=P4,,1.0,µV
Ch17=P8,,1.0,µV
Ch18=CP6,,1.0,µV
Ch19=CP2,,1.0,µV
Ch20=CZ,,1.0,µV
Ch21=C4,,1.0,µV
Ch22=T8,,1.0,µV
Ch23=FC6,,1.0,µV
Ch24=FC2,,1.0,µV
Ch25=F4,,1.0,µV
Ch26=F8,,1.0,µV
Ch27=FP2,,1.0,µV
Ch28=Mastoid R,,1.0,µV
Ch29=Mastoid L,,1.0,µV
Ch30=HEOG R,,1.0,µV
Ch31=HEOG L,,1.0,µV
Ch32=VEOG L,,1.0,µV

[Comment]
PyCorder V1.0.8

Amplifier
actiCHamp (5001) SN: 16010534 Rev. 3
Module 1  (5010) SN: 16011032
Module 2  (5010) SN: 16011033
Module 3  n.a.
Module 4  n.a.
Module 5  n.a.
Version: DLL_25.14.08.04, DRV_03.04.01.146, CTRL_102.15.06.09, FPGAM_48.00.00.00, FPGAC_45.00.00.00, DSP_105.14.10.07
Firmware Version MISMATCH, required: CTRL_100.13.07.22, FPGAM_48.00.00.00, FPGAC_45.00.00.00 DSP_103.14.03.03



Reference channel: none

Impedance [KOhm] at 15:41:25 (recording started at 16:19:51)
  1 FP1: 22
  2 Fz: 29
  3 F3: 27
  4 F7: 26
  5 FC3: 32
  6 C3: 21
  7 C5: 18
  8 TP9: 42
  9 CPz: 22
 10 Pz: 27
 11 P3: 24
 12 P7: 32
 13 PO3: 18
 14 PO7: 26
 15 O1: 27
 16 Oz: 19
 17 FP2: 39
 18 F4: 31
 19 F8: 33
 20 FC4: 27
 21 Cz: 47
 22 C4: 25
 23 C6: 25
 24 TP10: 28
 25 P4: 43
 26 P8: 23
 27 PO4: 26
 28 PO8: 19
 29 O2: 51
 30 HEOG R: 28
 31 HEOG L: 35
 32 VEOG L: 34
GND: 17
